GEM
  remote: https://rubygems.org/
  specs:
    mp3info (0.8.5)
      ruby-mp3info (>= 0.8.5)
    ruby-mp3info (0.8.10)
    ruby2d (0.9.5)

PLATFORMS
  ruby

DEPENDENCIES
  mp3info
  ruby2d (~> 0.9.5)

BUNDLED WITH
   1.16.2
